GEM
  remote: http://rubygems.org/
  specs:
    RedCloth (4.2.3)
    abstract (1.0.0)
    actionpack (3.0.3)
      activemodel (= 3.0.3)
      activesupport (= 3.0.3)
      builder (~> 2.1.2)
      erubis (~> 2.6.6)
      i18n (~> 0.4)
      rack (~> 1.2.1)
      rack-mount (~> 0.6.13)
      rack-test (~> 0.5.6)
      tzinfo (~> 0.3.23)
    activemodel (3.0.3)
      activesupport (= 3.0.3)
      builder (~> 2.1.2)
      i18n (~> 0.4)
    activesupport (3.0.3)
    builder (2.1.2)
    compass (0.10.5)
      haml (>= 3.0.4)
    cri (1.0.1)
    erubis (2.6.6)
      abstract (>= 1.0.0)
    haml (3.0.22)
    i18n (0.4.2)
    json (1.4.6)
    mime-types (1.16)
    nanoc (3.1.5)
      nanoc3 (>= 3.1.5)
    nanoc3 (3.1.5)
      cri (>= 1.0.0)
    rack (1.2.1)
    rack-mount (0.6.13)
      rack (>= 1.0.0)
    rack-test (0.5.6)
      rack (>= 1.0)
    rdiscount (1.6.5)
    tzinfo (0.3.23)

PLATFORMS
  ruby

DEPENDENCIES
  RedCloth (= 4.2.3)
  actionpack
  compass (= 0.10.5)
  haml
  i18n
  json
  mime-types (= 1.16)
  nanoc (= 3.1.5)
  rack (= 1.2.1)
  rdiscount (= 1.6.5)
